PATH
  remote: .
  specs:
    chronologic (0.10.4)
      activesupport (~> 3.0.0)
      cassandra (~> 0.12.3)
      eventmachine (>= 1.0.0.beta)
      hashie
      httparty
      i18n (~> 0.5.0)
      multi_json
      sinatra (~> 1)
      thin
      thor
      thrift (~> 0.8.0)
      thrift_client (~> 0.8.1)

GEM
  remote: http://rubygems.org/
  specs:
    activesupport (3.0.11)
    addressable (2.2.7)
    cassandra (0.12.3)
      json
      rake
      simple_uuid (~> 0.2.0)
      thrift_client (>= 0.7.0, < 0.9)
    crack (0.3.1)
    daemons (1.1.8)
    diff-lcs (1.1.3)
    eventmachine (1.0.0.beta.4)
    foreman (0.39.0)
      term-ansicolor (~> 1.0.7)
      thor (>= 0.13.6)
    hashie (1.2.0)
    httparty (0.8.1)
      multi_json
      multi_xml
    i18n (0.5.0)
    json (1.6.6)
    kgio (2.7.2)
    multi_json (1.3.2)
    multi_xml (0.4.1)
    nokogiri (1.5.0)
    perftools.rb (0.5.6)
    rack (1.4.1)
    rack-protection (1.2.0)
      rack
    rack-test (0.5.7)
      rack (>= 1.0)
    raindrops (0.8.0)
    rake (0.9.2.2)
    rspec (2.6.0)
      rspec-core (~> 2.6.0)
      rspec-expectations (~> 2.6.0)
      rspec-mocks (~> 2.6.0)
    rspec-core (2.6.4)
    rspec-expectations (2.6.0)
      diff-lcs (~> 1.1.2)
    rspec-mocks (2.6.0)
    shotgun (0.9)
      rack (>= 1.0)
    simple_uuid (0.2.0)
    sinatra (1.3.2)
      rack (~> 1.3, >= 1.3.6)
      rack-protection (~> 1.2)
      tilt (~> 1.3, >= 1.3.3)
    term-ansicolor (1.0.7)
    thin (1.3.1)
      daemons (>= 1.0.9)
      eventmachine (>= 0.12.6)
      rack (>= 1.0.0)
    thor (0.14.6)
    thrift (0.8.0)
    thrift_client (0.8.1)
      thrift (~> 0.8.0)
    tilt (1.3.3)
    unicorn (4.2.0)
      kgio (~> 2.6)
      rack
      raindrops (~> 0.7)
    webmock (1.6.4)
      addressable (~> 2.2, > 2.2.5)
      crack (>= 0.1.7)
    yajl-ruby (1.1.0)

PLATFORMS
  ruby

DEPENDENCIES
  chronologic!
  foreman
  nokogiri
  perftools.rb
  rack-test (~> 0.5.6)
  rspec (~> 2.6.0)
  shotgun
  unicorn
  webmock (~> 1.6.2)
  yajl-ruby
